GEM
  remote: https://rubygems.org/
  specs:
    domain_name (0.6.20240107)
    dotenv (2.8.1)
    http-accept (1.7.0)
    http-cookie (1.0.8)
      domain_name (~> 0.5)
    json (2.10.2)
    logger (1.7.0)
    mcp-rb (0.3.3)
    mime-types (3.6.2)
      logger
      mime-types-data (~> 3.2015)
    mime-types-data (3.2025.0408)
    netrc (0.11.0)
    rest-client (2.1.0)
      http-accept (>= 1.7.0, < 2.0)
      http-cookie (>= 1.0.2, < 2.0)
      mime-types (>= 1.16, < 4.0)
      netrc (~> 0.8)

PLATFORMS
  ruby
  x86_64-darwin-23

DEPENDENCIES
  dotenv (~> 2.8)
  json (~> 2.6)
  mcp-rb (~> 0.3)
  rest-client (~> 2.1)

BUNDLED WITH
   2.6.6
